GIT
  remote: git://github.com/libgit2/rugged.git
  revision: 2a141313c8369cef8bf02c1961f30a383b028e1f
  branch: development
  submodules: true
  specs:
    rugged (0.17.0.b8)

GEM
  remote: https://rubygems.org/
  specs:
    net-ssh (2.6.6)
    trollop (2.0)

PLATFORMS
  x86-mingw32

DEPENDENCIES
  net-ssh (~> 2.6.3)
  rugged!
  trollop (~> 2.0)
