GIT
  remote: git://github.com/libgit2/rugged.git
  revision: c1c37b01e4ba9a3be6c9e32edce9d6522ac298e4
  branch: development
  submodules: true
  specs:
    rugged (0.17.0.b8)

GEM
  remote: https://rubygems.org/
  specs:
    net-ssh (2.6.7)
    trollop (2.0)

PLATFORMS
  ruby
  x86-mingw32

DEPENDENCIES
  net-ssh (~> 2.6.7)
  rugged!
  trollop (~> 2.0)
